GEM
  remote: https://rubygems.org/
  specs:
    ruby-sdl2 (0.3.5)

PLATFORMS
  ruby

DEPENDENCIES
  ruby-sdl2

BUNDLED WITH
   2.1.4
